GEM
  remote: https://rubygems.org/
  specs:
    coderay (1.1.0)
    faker (1.6.1)
      i18n (~> 0.5)
    i18n (0.7.0)
    method_source (0.8.2)
    mysql2 (0.4.2)
    pry (0.10.3)
      coderay (~> 1.1.0)
      method_source (~> 0.8.1)
      slop (~> 3.4)
    slop (3.6.0)

PLATFORMS
  ruby

DEPENDENCIES
  faker (~> 1.6.1)
  mysql2 (~> 0.4.2)
  pry
